GEM
  remote: https://rubygems.org/
  specs:
    diff-lcs (1.2.5)
    geckoboard-ruby (0.2.0)
    rspec (3.5.0)
      rspec-core (~> 3.5.0)
      rspec-expectations (~> 3.5.0)
      rspec-mocks (~> 3.5.0)
    rspec-core (3.5.3)
      rspec-support (~> 3.5.0)
    rspec-expectations (3.5.0)
      diff-lcs (>= 1.2.0, < 2.0)
      rspec-support (~> 3.5.0)
    rspec-mocks (3.5.0)
      diff-lcs (>= 1.2.0, < 2.0)
      rspec-support (~> 3.5.0)
    rspec-support (3.5.0)
    rufus-scheduler (3.2.2)

PLATFORMS
  ruby

DEPENDENCIES
  geckoboard-ruby
  rspec
  rufus-scheduler

RUBY VERSION
   ruby 2.3.1p112

BUNDLED WITH
   1.12.5
